PATH
  remote: .
  specs:
    cloudfront_asset_host (1.1.0)
      right_aws

GEM
  remote: http://rubygems.org/
  specs:
    actionmailer (2.3.9)
      actionpack (= 2.3.9)
    actionpack (2.3.9)
      activesupport (= 2.3.9)
      rack (~> 1.1.0)
    activerecord (2.3.9)
      activesupport (= 2.3.9)
    activeresource (2.3.9)
      activesupport (= 2.3.9)
    activesupport (2.3.9)
    ansi (1.2.2)
    mocha (0.9.9)
      rake
    rack (1.1.0)
    rails (2.3.9)
      actionmailer (= 2.3.9)
      actionpack (= 2.3.9)
      activerecord (= 2.3.9)
      activeresource (= 2.3.9)
      activesupport (= 2.3.9)
      rake (>= 0.8.3)
    rake (0.8.7)
    redgreen (1.2.2)
    right_aws (2.0.0)
      right_http_connection (>= 1.2.1)
    right_http_connection (1.2.4)
    shoulda (2.11.3)
    turn (0.8.1)
      ansi (>= 1.2.2)

PLATFORMS
  ruby

DEPENDENCIES
  actionpack (= 2.3.9)
  activesupport (= 2.3.9)
  cloudfront_asset_host!
  mocha
  rails (= 2.3.9)
  redgreen
  right_aws
  shoulda
  turn
